PATH
  remote: .
  specs:
    poolparty (1.6.9)

GEM
  remote: http://www.rubygems.org/
  specs:
    aws (2.5.3)
      http_connection
      uuidtools
      xml-simple
    fakeweb (1.3.0)
    git (1.2.5)
    git-style-binaries (0.1.11)
      shoulda
      trollop
    http_connection (1.4.1)
    jeweler (1.6.2)
      bundler (~> 1.0)
      git (>= 1.2.5)
      rake
    mocha (0.9.12)
    rake (0.9.1)
    rcov (0.9.9)
    shoulda (2.11.3)
    trollop (1.16.2)
    uuidtools (2.1.2)
    xml-simple (1.0.16)

PLATFORMS
  ruby

DEPENDENCIES
  aws
  fakeweb
  git-style-binaries
  jeweler
  mocha
  poolparty!
  rcov
  shoulda
