PATH
  remote: .
  specs:
    poolparty (1.7.0.pre)
      amazon-ec2 (~> 0.9.17)
      json
      xml-simple

GEM
  remote: http://rubygems.org/
  specs:
    addressable (2.2.6)
    amazon-ec2 (0.9.17)
      xml-simple (>= 1.0.12)
    crack (0.1.8)
    fakeweb (1.3.0)
    git-style-binaries (0.1.11)
      shoulda
      trollop
    jnunemaker-matchy (0.4.0)
    json (1.5.3)
    mocha (0.9.12)
    rcov (0.9.9)
    rdoc (3.9.4)
    right_http_connection (1.3.0)
    shoulda (2.11.3)
    trollop (1.16.2)
    webmock (1.6.4)
      addressable (~> 2.2, > 2.2.5)
      crack (>= 0.1.7)
    xml-simple (1.1.0)

PLATFORMS
  ruby

DEPENDENCIES
  amazon-ec2 (~> 0.9.17)
  fakeweb
  git-style-binaries
  jnunemaker-matchy (~> 0.4.0)
  json
  mocha
  poolparty!
  rcov
  rdoc
  right_http_connection
  shoulda
  webmock
  xml-simple
