PATH
  remote: .
  specs:
    poolparty (1.7.0.pre)
      amazon-ec2 (~> 0.9.17)
      json
      xml-simple

GEM
  remote: http://rubygems.org/
  specs:
    amazon-ec2 (0.9.17)
      xml-simple (>= 1.0.12)
    fakeweb (1.3.0)
    git-style-binaries (0.1.11)
      shoulda
      trollop
    json (1.5.3)
    mcmire-matchy (0.5.2)
    mocha (0.9.12)
    rdoc (3.9.4)
    right_http_connection (1.3.0)
    shoulda (2.11.3)
    trollop (1.16.2)
    xml-simple (1.1.0)

PLATFORMS
  ruby

DEPENDENCIES
  fakeweb
  git-style-binaries
  mcmire-matchy
  mocha
  poolparty!
  rdoc
  right_http_connection
  shoulda
