PATH
  remote: .
  specs:
    poolparty (1.6.9)

GEM
  remote: http://www.rubygems.org/
  specs:
    amazon-ec2 (0.9.17)
      xml-simple (>= 1.0.12)
    fakeweb (1.3.0)
    git (1.2.5)
    git-style-binaries (0.1.11)
      shoulda
      trollop
    jeweler (1.6.2)
      bundler (~> 1.0)
      git (>= 1.2.5)
      rake
    mocha (0.9.12)
    rake (0.9.1)
    rcov (0.9.9)
    shoulda (2.11.3)
    trollop (1.16.2)
    xml-simple (1.0.16)

PLATFORMS
  ruby

DEPENDENCIES
  amazon-ec2
  fakeweb
  git-style-binaries
  jeweler
  mocha
  poolparty!
  rcov
  shoulda
